GEM
  remote: https://rubygems.org/
  specs:
    gosu (0.15.1)
    rake (13.0.1)

PLATFORMS
  ruby

DEPENDENCIES
  gosu!
  rake!

BUNDLED WITH
   1.17.2
